GEM
  specs:
    et-orbi (1.2.4)
      tzinfo
    fugit (1.4.0)
      et-orbi (~> 1.1, >= 1.1.8)
      raabro (~> 1.4)
    raabro (1.4.0)
    rufus-scheduler (3.6.0)
      fugit (~> 1.1, >= 1.1.6)
    thread_safe (0.3.6)
    tzinfo (1.2.7)
      thread_safe (~> 0.1)

PLATFORMS
  ruby

DEPENDENCIES
  rufus-scheduler (= 3.6.0)

BUNDLED WITH
   1.17.2
